GEM
  remote: https://rubygems.org/
  specs:
    activemodel (3.2.15)
      activesupport (= 3.2.15)
      builder (~> 3.0.0)
    activesupport (3.2.15)
      i18n (~> 0.6, >= 0.6.4)
      multi_json (~> 1.0)
    backports (3.3.5)
    builder (3.0.4)
    faraday (0.8.8)
      multipart-post (~> 1.2.0)
    hashie (2.0.5)
    httpauth (0.2.0)
    i18n (0.6.5)
    json (1.8.1)
    jwt (0.1.8)
      multi_json (>= 1.5)
    mongoid (3.1.5)
      activemodel (~> 3.2)
      moped (~> 1.4)
      origin (~> 1.0)
      tzinfo (~> 0.3.29)
    mongoid_auto_increment (0.1.2)
      mongoid (>= 2.0)
    moped (1.5.1)
    multi_json (1.8.2)
    multipart-post (1.2.0)
    oauth2 (0.8.1)
      faraday (~> 0.8)
      httpauth (~> 0.1)
      jwt (~> 0.1.4)
      multi_json (~> 1.0)
      rack (~> 1.2)
    omniauth (1.1.4)
      hashie (>= 1.2, < 3)
      rack
    omniauth-google-oauth2 (0.2.1)
      omniauth (~> 1.0)
      omniauth-oauth2
    omniauth-oauth2 (1.1.1)
      oauth2 (~> 0.8.0)
      omniauth (~> 1.0)
    origin (1.1.0)
    rack (1.5.2)
    rack-protection (1.5.1)
      rack
    rack-test (0.6.2)
      rack (>= 1.0)
    redcarpet (3.0.0)
    require_all (1.3.2)
    sinatra (1.4.4)
      rack (~> 1.4)
      rack-protection (~> 1.4)
      tilt (~> 1.3, >= 1.3.4)
    sinatra-contrib (1.4.1)
      backports (>= 2.0)
      multi_json
      rack-protection
      rack-test
      sinatra (~> 1.4.0)
      tilt (~> 1.3)
    tilt (1.4.1)
    time_ago_in_words (0.1.0)
    tzinfo (0.3.38)

PLATFORMS
  x86-mingw32

DEPENDENCIES
  json
  mongoid
  mongoid_auto_increment
  omniauth-google-oauth2
  redcarpet
  require_all
  sinatra
  sinatra-contrib
  time_ago_in_words
